GEM
  remote: http://rubygems.org/
  specs:
    activemodel (3.2.8)
      activesupport (= 3.2.8)
      builder (~> 3.0.0)
    activesupport (3.2.8)
      i18n (~> 0.6)
      multi_json (~> 1.0)
    bson (1.7.0)
    builder (3.0.3)
    git (1.2.5)
    i18n (0.6.1)
    jeweler (1.8.4)
      bundler (~> 1.0)
      git (>= 1.2.5)
      rake
      rdoc
    json (1.7.5)
    mongo (1.7.0)
      bson (~> 1.7.0)
    mongoid (2.5.0)
      activemodel (~> 3.1)
      mongo (~> 1.7)
      tzinfo (~> 0.3.22)
    multi_json (1.3.6)
    rake (0.9.2.2)
    rdoc (3.12)
      json (~> 1.4)
    tzinfo (0.3.33)

PLATFORMS
  ruby

DEPENDENCIES
  bundler (~> 1.0)
  jeweler (~> 1.8.0)
  mongo (~> 1.6)
  mongoid
  rdoc (~> 3.12)
